GEM
  remote: https://rubygems.org/
  specs:
    racc (1.4.9)

PLATFORMS
  ruby

DEPENDENCIES
  racc
